GEM
  remote: https://rubygems.org/
  specs:
    parallel (1.24.0)

PLATFORMS
  x86_64-darwin-22

DEPENDENCIES
  parallel (= 1.24)

BUNDLED WITH
   2.4.22
